GEM
  specs:
    byebug (10.0.2)

PLATFORMS
  ruby

DEPENDENCIES
  byebug

BUNDLED WITH
   2.0.1
